GEM
  remote: https://rubygems.org/
  specs:
    mastodon (0.3.1)

PLATFORMS
  ruby

DEPENDENCIES
  mastodon

BUNDLED WITH
   1.15.4
